PATH
  remote: .
  specs:
    ip_anonymizer (0.1.0)

GEM
  remote: https://rubygems.org/
  specs:
    benchmark-ips (2.7.2)
    minitest (5.11.3)
    rake (12.3.1)

PLATFORMS
  ruby

DEPENDENCIES
  benchmark-ips
  bundler
  ip_anonymizer!
  minitest
  rake

BUNDLED WITH
   1.16.1
